GEM
  remote: https://rubygems.org/
  specs:
    line-notify-client (1.0.4)
    slack-incoming-webhooks (0.2.0)

PLATFORMS
  ruby

DEPENDENCIES
  line-notify-client
  slack-incoming-webhooks

BUNDLED WITH
   2.0.1
